GEM
  remote: https://rubygems.org/
  specs:
    addressable (2.5.2)
      public_suffix (>= 2.0.2, < 4.0)
    colorator (1.1.0)
    concurrent-ruby (1.0.5)
    contentful (2.2.1)
      http (> 0.8, < 3.0)
      multi_json (~> 1)
    domain_name (0.5.20170404)
      unf (>= 0.0.5, < 1.0.0)
    extras (0.3.0)
      forwardable-extended (~> 2.5)
    fastimage (2.1.0)
    ffi (1.9.18)
    forwardable-extended (2.6.0)
    http (2.2.2)
      addressable (~> 2.3)
      http-cookie (~> 1.0)
      http-form_data (~> 1.0.1)
      http_parser.rb (~> 0.6.0)
    http-cookie (1.0.3)
      domain_name (~> 0.5)
    http-form_data (1.0.3)
    http_parser.rb (0.6.0)
    jekyll (3.6.2)
      addressable (~> 2.4)
      colorator (~> 1.0)
      jekyll-sass-converter (~> 1.0)
      jekyll-watch (~> 1.1)
      kramdown (~> 1.14)
      liquid (~> 4.0)
      mercenary (~> 0.3.3)
      pathutil (~> 0.9)
      rouge (>= 1.7, < 3)
      safe_yaml (~> 1.0)
    jekyll-assets (2.4.0)
      concurrent-ruby (~> 1.0)
      extras (~> 0.2)
      fastimage (~> 2.0, >= 1.8)
      jekyll (~> 3.1, >= 3.0)
      pathutil (>= 0.8)
      rack (~> 1.6)
      sprockets (~> 3.3, < 3.8)
    jekyll-contentful-data-import (1.6.0)
      contentful (~> 2.1)
      jekyll (>= 2.5.0, < 4)
    jekyll-sass-converter (1.5.0)
      sass (~> 3.4)
    jekyll-watch (1.5.0)
      listen (~> 3.0, < 3.1)
    kramdown (1.15.0)
    liquid (4.0.0)
    listen (3.0.8)
      rb-fsevent (~> 0.9, >= 0.9.4)
      rb-inotify (~> 0.9, >= 0.9.7)
    mercenary (0.3.6)
    multi_json (1.12.2)
    pathutil (0.16.0)
      forwardable-extended (~> 2.6)
    public_suffix (3.0.0)
    rack (1.6.8)
    rb-fsevent (0.10.2)
    rb-inotify (0.9.10)
      ffi (>= 0.5.0, < 2)
    rouge (2.2.1)
    safe_yaml (1.0.4)
    sass (3.5.3)
      sass-listen (~> 4.0.0)
    sass-listen (4.0.0)
      rb-fsevent (~> 0.9, >= 0.9.4)
      rb-inotify (~> 0.9, >= 0.9.7)
    sprockets (3.7.1)
      concurrent-ruby (~> 1.0)
      rack (> 1, < 3)
    unf (0.1.4)
      unf_ext
    unf_ext (0.0.7.4)

PLATFORMS
  ruby

DEPENDENCIES
  jekyll
  jekyll-assets
  jekyll-contentful-data-import

BUNDLED WITH
   1.15.4
